PATH
  remote: .
  specs:
    metasploit-framework (4.11.12)
      actionpack (>= 4.0.9, < 4.1.0)
      activerecord (>= 4.0.9, < 4.1.0)
      activesupport (>= 4.0.9, < 4.1.0)
      bcrypt
      filesize
      jsobfu (~> 0.4.1)
      json
      metasm (~> 1.0.2)
      metasploit-concern (= 1.0.0)
      metasploit-credential (= 1.0.1)
      metasploit-model (= 1.0.0)
      metasploit-payloads (= 1.1.0)
      metasploit_data_models (= 1.2.10)
      msgpack
      network_interface (~> 0.0.1)
      nokogiri
      openssl-ccm (= 1.2.1)
      packetfu (= 1.1.11)
      pcaprub
      pg (>= 0.11)
      railties
      rb-readline-r7
      recog (= 2.0.14)
      robots
      rubyzip (~> 1.1)
      sqlite3
      tzinfo

GEM
  remote: https://rubygems.org/
  specs:
    actionmailer (4.0.13)
      actionpack (= 4.0.13)
      mail (~> 2.5, >= 2.5.4)
    actionpack (4.0.13)
      activesupport (= 4.0.13)
      builder (~> 3.1.0)
      erubis (~> 2.7.0)
      rack (~> 1.5.2)
      rack-test (~> 0.6.2)
    activemodel (4.0.13)
      activesupport (= 4.0.13)
      builder (~> 3.1.0)
    activerecord (4.0.13)
      activemodel (= 4.0.13)
      activerecord-deprecated_finders (~> 1.0.2)
      activesupport (= 4.0.13)
      arel (~> 4.0.0)
    activerecord-deprecated_finders (1.0.4)
    activesupport (4.0.13)
      i18n (~> 0.6, >= 0.6.9)
      minitest (~> 4.2)
      multi_json (~> 1.3)
      thread_safe (~> 0.1)
      tzinfo (~> 0.3.37)
    arel (4.0.2)
    arel-helpers (2.1.1)
      activerecord (= 4.0.13)
    aruba (0.6.2)
      childprocess (>= 0.3.6)
      cucumber (>= 1.1.1)
      rspec-expectations (>= 2.7.0)
    bcrypt (3.1.10)
    builder (3.1.4)
    capybara (2.4.4)
      mime-types (>= 1.16)
      nokogiri (>= 1.3.3)
      rack (>= 1.0.0)
      rack-test (>= 0.5.4)
      xpath (~> 2.0)
    childprocess (0.5.5)
      ffi (~> 1.0, >= 1.0.11)
    coderay (1.1.0)
    cucumber (1.3.19)
      builder (>= 2.1.2)
      diff-lcs (>= 1.1.3)
      gherkin (~> 2.12)
      multi_json (>= 1.7.5, < 2.0)
      multi_test (>= 0.1.2)
    cucumber-rails (1.4.2)
      capybara (>= 1.1.2, < 3)
      cucumber (>= 1.3.8, < 2)
      mime-types (>= 1.16, < 3)
      nokogiri (~> 1.5)
      rails (>= 3, < 5)
    diff-lcs (1.2.5)
    docile (1.1.5)
    erubis (2.7.0)
    factory_girl (4.5.0)
      activesupport (>= 3.0.0)
    factory_girl_rails (4.5.0)
      factory_girl (~> 4.5.0)
      railties (>= 3.0.0)
    ffi (1.9.8)
    filesize (0.1.1)
    fivemat (1.3.2)
    gherkin (2.12.2)
      multi_json (~> 1.3)
    hike (1.2.3)
    i18n (0.7.0)
    jsobfu (0.4.1)
      rkelly-remix (= 0.0.6)
    json (1.8.3)
    mail (2.6.3)
      mime-types (>= 1.16, < 3)
    metasm (1.0.2)
    metasploit-concern (1.0.0)
      activerecord (>= 4.0.9, < 4.1.0)
      activesupport (>= 4.0.9, < 4.1.0)
      railties (>= 4.0.9, < 4.1.0)
    metasploit-credential (1.0.1)
      metasploit-concern (~> 1.0)
      metasploit-model (~> 1.0)
      metasploit_data_models (~> 1.0)
      pg
      railties
      rubyntlm
      rubyzip (~> 1.1)
    metasploit-model (1.0.0)
      activemodel (>= 4.0.9, < 4.1.0)
      activesupport (>= 4.0.9, < 4.1.0)
      railties (>= 4.0.9, < 4.1.0)
    metasploit-payloads (1.1.0)
    metasploit_data_models (1.2.10)
      activerecord (>= 4.0.9, < 4.1.0)
      activesupport (>= 4.0.9, < 4.1.0)
      arel-helpers
      metasploit-concern (~> 1.0)
      metasploit-model (~> 1.0)
      pg
      postgres_ext
      railties (>= 4.0.9, < 4.1.0)
      recog (~> 2.0)
    method_source (0.8.2)
    mime-types (2.6.1)
    mini_portile2 (2.0.0)
    minitest (4.7.5)
    msgpack (0.7.1)
    multi_json (1.11.2)
    multi_test (0.1.2)
    network_interface (0.0.1)
    nokogiri (1.6.7.2)
      mini_portile2 (~> 2.0.0.rc2)
    openssl-ccm (1.2.1)
    packetfu (1.1.11)
      network_interface (~> 0.0)
      pcaprub (~> 0.12)
    pcaprub (0.12.0)
    pg (0.18.4)
    pg_array_parser (0.0.9)
    postgres_ext (2.4.1)
      activerecord (>= 4.0.0)
      arel (>= 4.0.1)
      pg_array_parser (~> 0.0.9)
    pry (0.10.1)
      coderay (~> 1.1.0)
      method_source (~> 0.8.1)
      slop (~> 3.4)
    rack (1.5.5)
    rack-test (0.6.3)
      rack (>= 1.0)
    rails (4.0.13)
      actionmailer (= 4.0.13)
      actionpack (= 4.0.13)
      activerecord (= 4.0.13)
      activesupport (= 4.0.13)
      bundler (>= 1.3.0, < 2.0)
      railties (= 4.0.13)
      sprockets-rails (~> 2.0)
    railties (4.0.13)
      actionpack (= 4.0.13)
      activesupport (= 4.0.13)
      rake (>= 0.8.7)
      thor (>= 0.18.1, < 2.0)
    rake (10.4.2)
    rb-readline-r7 (0.5.2.0)
    recog (2.0.14)
      nokogiri
    redcarpet (3.3.4)
    rkelly-remix (0.0.6)
    robots (0.10.1)
    rspec-core (3.3.2)
      rspec-support (~> 3.3.0)
    rspec-expectations (3.3.1)
      diff-lcs (>= 1.2.0, < 2.0)
      rspec-support (~> 3.3.0)
    rspec-mocks (3.3.2)
      diff-lcs (>= 1.2.0, < 2.0)
      rspec-support (~> 3.3.0)
    rspec-rails (3.3.3)
      actionpack (>= 3.0, < 4.3)
      activesupport (>= 3.0, < 4.3)
      railties (>= 3.0, < 4.3)
      rspec-core (~> 3.3.0)
      rspec-expectations (~> 3.3.0)
      rspec-mocks (~> 3.3.0)
      rspec-support (~> 3.3.0)
    rspec-support (3.3.0)
    rubyntlm (0.5.2)
    rubyzip (1.1.7)
    shoulda-matchers (2.8.0)
      activesupport (>= 3.0.0)
    simplecov (0.9.2)
      docile (~> 1.1.0)
      multi_json (~> 1.0)
      simplecov-html (~> 0.9.0)
    simplecov-html (0.9.0)
    slop (3.6.0)
    sprockets (2.12.3)
      hike (~> 1.2)
      multi_json (~> 1.0)
      rack (~> 1.0)
      tilt (~> 1.1, != 1.3.0)
    sprockets-rails (2.2.4)
      actionpack (>= 3.0)
      activesupport (>= 3.0)
      sprockets (>= 2.8, < 4.0)
    sqlite3 (1.3.11)
    thor (0.19.1)
    thread_safe (0.3.5)
    tilt (1.4.1)
    timecop (0.7.3)
    tzinfo (0.3.45)
    xpath (2.0.0)
      nokogiri (~> 1.3)
    yard (0.8.7.6)

PLATFORMS
  ruby

DEPENDENCIES
  aruba
  cucumber-rails
  factory_girl_rails (~> 4.5.0)
  fivemat (~> 1.3.1)
  metasploit-framework!
  pry
  rake (>= 10.0.0)
  redcarpet
  rspec-rails (~> 3.3)
  shoulda-matchers
  simplecov
  timecop
  yard

BUNDLED WITH
   1.11.2
